GEM
  remote: https://rubygems.org/
  specs:
    bourbon (3.1.3)
      sass (>= 3.2.0)
      thor
    coderay (1.0.9)
    daemons (1.1.9)
    eventmachine (1.0.3)
    foreman (0.62.0)
      thor (>= 0.13.6)
    haml (4.0.2)
      tilt
    method_source (0.8.1)
    pry (0.9.12)
      coderay (~> 1.0.5)
      method_source (~> 0.8)
      slop (~> 3.4)
    rack (1.5.2)
    rack-protection (1.5.0)
      rack
    sass (3.2.7)
    sinatra (1.4.2)
      rack (~> 1.5, >= 1.5.2)
      rack-protection (~> 1.4)
      tilt (~> 1.3, >= 1.3.4)
    slop (3.4.4)
    thin (1.5.1)
      daemons (>= 1.0.9)
      eventmachine (>= 0.12.6)
      rack (>= 1.0.0)
    thor (0.18.1)
    tilt (1.3.6)

PLATFORMS
  ruby

DEPENDENCIES
  bourbon
  foreman
  haml
  pry
  sass
  sinatra
  thin
